GIT
  remote: git://github.com/rails/exception_notification
  revision: 192a49a02d63d28b23ed41cebadfedd490929cf1
  specs:
    exception_notification (1.0.0)

GEM
  remote: http://rubygems.org/
  specs:
    abstract (1.0.0)
    actionmailer (3.0.1)
      actionpack (= 3.0.1)
      mail (~> 2.2.5)
    actionpack (3.0.1)
      activemodel (= 3.0.1)
      activesupport (= 3.0.1)
      builder (~> 2.1.2)
      erubis (~> 2.6.6)
      i18n (~> 0.4.1)
      rack (~> 1.2.1)
      rack-mount (~> 0.6.12)
      rack-test (~> 0.5.4)
      tzinfo (~> 0.3.23)
    activemodel (3.0.1)
      activesupport (= 3.0.1)
      builder (~> 2.1.2)
      i18n (~> 0.4.1)
    activerecord (3.0.1)
      activemodel (= 3.0.1)
      activesupport (= 3.0.1)
      arel (~> 1.0.0)
      tzinfo (~> 0.3.23)
    activeresource (3.0.1)
      activemodel (= 3.0.1)
      activesupport (= 3.0.1)
    activesupport (3.0.1)
    acts_as_tree (0.1.1)
    after_commit (1.0.7)
      activerecord
    arel (1.0.1)
      activesupport (~> 3.0.0)
    authlogic (2.1.6)
      activesupport
    blankslate (2.1.2.3)
    bluepill (0.0.44)
      activesupport (>= 2.3.4)
      blankslate (>= 2.1.2.2)
      daemons (>= 1.0.9)
      state_machine (>= 0.8.0)
    builder (2.1.2)
    constant_cache (0.0.2)
      activerecord (>= 2.0.2)
      activesupport (>= 2.0.2)
    daemons (1.1.0)
    delayed_job (2.0.3)
      daemons
    email_veracity (0.6.0)
    erubis (2.6.6)
      abstract (>= 1.0.0)
    faker (0.3.1)
    formtastic (1.1.0)
      actionpack (>= 2.3.0)
      activesupport (>= 2.3.0)
      i18n (>= 0.4.0)
    haml (3.0.22)
    htmldiff (0.0.1)
    i18n (0.4.1)
    jintastic (1.1.0)
      formtastic
    machinist (1.0.6)
    mail (2.2.7)
      activesupport (>= 2.3.6)
      mime-types
      treetop (>= 1.4.5)
    mime-types (1.16)
    mysql (2.8.1)
    paperclip (2.3.4)
      activerecord
      activesupport
    polyglot (0.3.1)
    populator (0.2.5)
    rack (1.2.1)
    rack-mount (0.6.13)
      rack (>= 1.0.0)
    rack-test (0.5.6)
      rack (>= 1.0)
    rails (3.0.1)
      actionmailer (= 3.0.1)
      actionpack (= 3.0.1)
      activerecord (= 3.0.1)
      activeresource (= 3.0.1)
      activesupport (= 3.0.1)
      bundler (~> 1.0.0)
      railties (= 3.0.1)
    railties (3.0.1)
      actionpack (= 3.0.1)
      activesupport (= 3.0.1)
      rake (>= 0.8.4)
      thor (~> 0.14.0)
    rake (0.8.7)
    recurrence (0.1.4)
      activesupport
    ri_cal (0.8.7)
    riddle (1.1.0)
    state_machine (0.9.4)
    thinking-sphinx (1.3.19)
      activerecord (>= 1.15.6)
      after_commit (>= 1.0.6)
      riddle (>= 1.0.10)
    thor (0.14.3)
    treetop (1.4.8)
      polyglot (>= 0.3.1)
    ts-delayed-delta (1.1.1)
      delayed_job (>= 1.8.4)
      thinking-sphinx (>= 1.3.6)
    tzinfo (0.3.23)
    url_store (0.3.0)
    vestal_versions (1.0.2)
      activerecord (>= 2.1.0)
    will_paginate (2.3.15)

PLATFORMS
  ruby

DEPENDENCIES
  acts_as_tree
  authlogic
  bluepill
  constant_cache
  daemons
  delayed_job
  email_veracity
  exception_notification!
  faker
  formtastic
  haml
  htmldiff
  jintastic
  machinist
  mysql (= 2.8.1)
  paperclip
  populator
  rails (= 3.0.1)
  recurrence
  ri_cal
  thinking-sphinx
  ts-delayed-delta
  url_store
  vestal_versions
  will_paginate
