GIT
  remote: git://github.com/rails/exception_notification
  revision: 192a49a02d63d28b23ed41cebadfedd490929cf1
  specs:
    exception_notification (1.0.0)

GEM
  remote: http://rubygems.org/
  specs:
    abstract (1.0.0)
    actionmailer (3.0.3)
      actionpack (= 3.0.3)
      mail (~> 2.2.9)
    actionpack (3.0.3)
      activemodel (= 3.0.3)
      activesupport (= 3.0.3)
      builder (~> 2.1.2)
      erubis (~> 2.6.6)
      i18n (~> 0.4)
      rack (~> 1.2.1)
      rack-mount (~> 0.6.13)
      rack-test (~> 0.5.6)
      tzinfo (~> 0.3.23)
    activemodel (3.0.3)
      activesupport (= 3.0.3)
      builder (~> 2.1.2)
      i18n (~> 0.4)
    activerecord (3.0.3)
      activemodel (= 3.0.3)
      activesupport (= 3.0.3)
      arel (~> 2.0.2)
      tzinfo (~> 0.3.23)
    activeresource (3.0.3)
      activemodel (= 3.0.3)
      activesupport (= 3.0.3)
    activesupport (3.0.3)
    acts_as_tree (0.1.1)
    arel (2.0.4)
    authlogic (2.1.6)
      activesupport
    blankslate (2.1.2.3)
    bluepill (0.0.44)
      activesupport (>= 2.3.4)
      blankslate (>= 2.1.2.2)
      daemons (>= 1.0.9)
      state_machine (>= 0.8.0)
    builder (2.1.2)
    capistrano (2.5.19)
      highline
      net-scp (>= 1.0.0)
      net-sftp (>= 2.0.0)
      net-ssh (>= 2.0.14)
      net-ssh-gateway (>= 1.0.0)
    constant_cache (0.0.2)
      activerecord (>= 2.0.2)
      activesupport (>= 2.0.2)
    daemons (1.1.0)
    delayed_job (2.1.1)
      activesupport (~> 3.0)
      daemons
    diff-lcs (1.1.2)
    email_veracity (0.6.0)
    erubis (2.6.6)
      abstract (>= 1.0.0)
    eventmachine (0.12.10)
    faker (0.3.1)
    formtastic (1.2.1)
      actionpack (>= 2.3.7)
      activesupport (>= 2.3.7)
      i18n (>= 0.4.0)
    haml (3.0.24)
    haml-rails (0.3.4)
      actionpack (~> 3.0)
      activesupport (~> 3.0)
      haml (~> 3.0)
      railties (~> 3.0)
    highline (1.6.1)
    htmldiff (0.0.1)
    i18n (0.4.2)
    jintastic (1.1.0)
      formtastic
    machinist (1.0.6)
    mail (2.2.10)
      activesupport (>= 2.3.6)
      i18n (~> 0.4.1)
      mime-types (~> 1.16)
      treetop (~> 1.4.8)
    meta_search (0.9.10)
      actionpack (~> 3.0.2)
      activerecord (~> 3.0.2)
      activesupport (~> 3.0.2)
      arel (~> 2.0.2)
    mime-types (1.16)
    mysql (2.8.1)
    net-scp (1.0.4)
      net-ssh (>= 1.99.1)
    net-sftp (2.0.5)
      net-ssh (>= 2.0.9)
    net-ssh (2.0.23)
    net-ssh-gateway (1.0.1)
      net-ssh (>= 1.99.1)
    paperclip (2.3.5)
      activerecord
      activesupport
    polyglot (0.3.1)
    populator (0.2.5)
    rack (1.2.1)
    rack-mount (0.6.13)
      rack (>= 1.0.0)
    rack-test (0.5.6)
      rack (>= 1.0)
    rails (3.0.3)
      actionmailer (= 3.0.3)
      actionpack (= 3.0.3)
      activerecord (= 3.0.3)
      activeresource (= 3.0.3)
      activesupport (= 3.0.3)
      bundler (~> 1.0)
      railties (= 3.0.3)
    rails3-generators (0.14.0)
    railties (3.0.3)
      actionpack (= 3.0.3)
      activesupport (= 3.0.3)
      rake (>= 0.8.7)
      thor (~> 0.14.4)
    rake (0.8.7)
    recurrence (1.0.1)
      activesupport
    ri_cal (0.8.7)
    riddle (1.2.1)
    rspec (2.1.0)
      rspec-core (~> 2.1.0)
      rspec-expectations (~> 2.1.0)
      rspec-mocks (~> 2.1.0)
    rspec-core (2.1.0)
    rspec-expectations (2.1.0)
      diff-lcs (~> 1.1.2)
    rspec-mocks (2.1.0)
    state_machine (0.9.4)
    thin (1.2.7)
      daemons (>= 1.0.9)
      eventmachine (>= 0.12.6)
      rack (>= 1.0.0)
    thinking-sphinx (2.0.1)
      activerecord (>= 3.0.3)
      riddle (>= 1.2.1)
    thor (0.14.6)
    treetop (1.4.9)
      polyglot (>= 0.3.1)
    ts-delayed-delta (1.1.1)
      delayed_job (>= 1.8.4)
      thinking-sphinx (>= 1.3.6)
    tzinfo (0.3.23)
    url_store (0.3.0)
    vestal_versions (1.0.2)
      activerecord (>= 2.1.0)
    will_paginate (2.3.15)

PLATFORMS
  ruby

DEPENDENCIES
  acts_as_tree
  authlogic
  bluepill
  capistrano
  constant_cache
  daemons
  delayed_job
  email_veracity
  exception_notification!
  faker
  formtastic
  haml
  haml-rails
  htmldiff
  jintastic
  machinist
  meta_search
  mysql
  paperclip
  populator
  rails (= 3.0.3)
  rails3-generators
  recurrence
  ri_cal
  rspec
  thin
  thinking-sphinx
  ts-delayed-delta
  url_store
  vestal_versions
  will_paginate
