GEM
  remote: http://rubygems.org/
  specs:
    actionmailer (2.3.5)
      actionpack (= 2.3.5)
    actionpack (2.3.5)
      activesupport (= 2.3.5)
      rack (~> 1.0.0)
    activerecord (2.3.5)
      activesupport (= 2.3.5)
    activeresource (2.3.5)
      activesupport (= 2.3.5)
    activesupport (2.3.5)
    acts_as_tree (0.1.1)
    after_commit (1.0.6)
      activerecord
    daemons (1.1.0)
    delayed_job (2.0.3)
      daemons
    email_veracity (0.5.0)
    eventmachine (0.12.10)
    faker (0.3.1)
    fastercsv (1.5.3)
    formtastic (1.1.0)
      actionpack (>= 2.3.0)
      activesupport (>= 2.3.0)
      i18n (>= 0.4.0)
    geoip (0.8.6)
    haml (2.2.21)
    htmldiff (0.0.1)
    i18n (0.5.0)
    jintastic (1.1.0)
      formtastic
    machinist (1.0.6)
    mysql (2.8.1)
    populator (0.2.5)
    rack (1.0.1)
    rails (2.3.5)
      actionmailer (= 2.3.5)
      actionpack (= 2.3.5)
      activerecord (= 2.3.5)
      activeresource (= 2.3.5)
      activesupport (= 2.3.5)
      rake (>= 0.8.3)
    rake (0.8.7)
    random_data (1.5.1)
    recurrence (0.1.1)
      activesupport (>= 2.1.1)
    ri_cal (0.8.5)
    riddle (1.0.10)
    searchlogic (2.4.12)
      activerecord (>= 2.0.0)
    thin (1.2.7)
      daemons (>= 1.0.9)
      eventmachine (>= 0.12.6)
      rack (>= 1.0.0)
    thinking-sphinx (1.3.16)
      activerecord (>= 1.15.6)
      after_commit (>= 1.0.6)
      riddle (>= 1.0.10)
    ts-delayed-delta (1.0.4)
      delayed_job (>= 1.8.4)
      thinking-sphinx (>= 1.3.6)
    url_store (0.3.0)
    vestal_versions (1.0.2)
      activerecord (>= 2.1.0)
    will_paginate (2.3.12)

PLATFORMS
  ruby

DEPENDENCIES
  acts_as_tree (= 0.1.1)
  after_commit (= 1.0.6)
  daemons
  delayed_job (= 2.0.3)
  email_veracity (= 0.5.0)
  faker (= 0.3.1)
  fastercsv (= 1.5.3)
  formtastic
  geoip (= 0.8.6)
  haml (= 2.2.21)
  htmldiff (= 0.0.1)
  jintastic (= 1.1.0)
  machinist (= 1.0.6)
  mysql
  populator (= 0.2.5)
  rails (= 2.3.5)
  random_data (= 1.5.1)
  recurrence (= 0.1.1)
  ri_cal (= 0.8.5)
  riddle (= 1.0.10)
  searchlogic (= 2.4.12)
  thin
  thinking-sphinx (= 1.3.16)
  ts-delayed-delta (= 1.0.4)
  url_store (= 0.3.0)
  vestal_versions (= 1.0.2)
  will_paginate (= 2.3.12)
